{
	"TaskName": "p300",
	"Manufacturer": "g.tec amplifier",
	"PowerLineFrequency": 60.0,
	"SamplingFrequency": 256.0,
	"SoftwareFilters": "n/a",
	"RecordingDuration": 201.99609375,
	"RecordingType": "continuous",
	"EEGReference": "left ear",
	"EEGGround": "AFz",
	"EEGPlacementScheme": "10-05 system",
	"EEGChannelCount": 32,
	"EOGChannelCount": 0,
	"ECGChannelCount": 0,
	"EMGChannelCount": 0,
	"TriggerChannelCount": 0,
	"ManufacturersModelName": "g.tec amplifier",
	"SoftwareVersions": "n/a",
	"HardwareFilters": "n/a",
	"TaskDescription": "P300 row-column speller; 2 stimulus conditions (Famous Faces, Inverting); 6x6 character matrix Trial duration: 1.0s, ISI: 25.0ms, SOA: 125.0ms.",
	"Instructions": "n/a",
	"CogAtlasID": "https://www.cognitiveatlas.org/task/id/tsk_GxjZBNiJorj1K/",
	"InstitutionName": "University of California, Los Angeles",
	"InstitutionAddress": "US",
	"InstitutionalDepartmentName": "n/a",
	"CapManufacturer": "n/a",
	"CapManufacturersModelName": "n/a",
	"SubjectArtefactDescription": "n/a",
	"DeviceSerialNumber": "n/a",
	"Description": "EEG recording.",
	"MISCChannelCount": 0
}